PATH
  remote: ../../mine/ruby-ethereum
  specs:
    ruby-ethereum (0.9.4)
      bitcoin-secp256k1 (~> 0.4)
      block_logger (~> 0.1)
      digest-sha3 (~> 1.1)
      ethash (~> 0.2)
      ffi (~> 1.9)
      leveldb (= 0.1.9)
      lru_redux (~> 1.1)
      rlp (= 0.7.3)

PATH
  remote: .
  specs:
    teth (0.1.0)
      minitest (~> 5.8)
      ruby-ethereum (~> 0.9)

GEM
  specs:
    bitcoin-secp256k1 (0.4.0)
      ffi (>= 1.9.10)
    block_logger (0.1.2)
      logging (~> 2.0)
    digest-sha3 (1.1.0)
    ethash (0.2.0)
    ffi (1.9.10)
    fiddler-rb (0.1.2)
    leveldb (0.1.9)
      fiddler-rb (~> 0.1.1)
    little-plugger (1.1.4)
    logging (2.1.0)
      little-plugger (~> 1.1)
      multi_json (~> 1.10)
    lru_redux (1.1.0)
    minitest (5.8.4)
    multi_json (1.12.1)
    rlp (0.7.3)

PLATFORMS
  ruby

DEPENDENCIES
  ruby-ethereum!
  teth!

BUNDLED WITH
   1.12.5
